PATH
  remote: .
  specs:
    alps (0.1.0)
      activerecord (~> 5.2.0)
      plux (~> 0.1.8)
      rack (~> 2.0.7)
      sequel (~> 5.36.0)
      sqlite3 (~> 1.4.2)

GEM
  remote: https://gems.ruby-china.com/
  specs:
    activemodel (5.2.4.4)
      activesupport (= 5.2.4.4)
    activerecord (5.2.4.4)
      activemodel (= 5.2.4.4)
      activesupport (= 5.2.4.4)
      arel (>= 9.0)
    activesupport (5.2.4.4)
      concurrent-ruby (~> 1.0, >= 1.0.2)
      i18n (>= 0.7, < 2)
      minitest (~> 5.1)
      tzinfo (~> 1.1)
    arel (9.0.0)
    coderay (1.1.2)
    concurrent-ruby (1.1.7)
    i18n (1.8.5)
      concurrent-ruby (~> 1.0)
    method_source (0.9.2)
    minitest (5.14.1)
    nio4r (2.5.4)
    plux (0.1.8)
      nio4r (~> 2.0)
    pry (0.12.2)
      coderay (~> 1.1.0)
      method_source (~> 0.9.0)
    rack (2.0.9)
    rake (10.5.0)
    sequel (5.36.0)
    sqlite3 (1.4.2)
    thread_safe (0.3.6)
    tzinfo (1.2.7)
      thread_safe (~> 0.1)

PLATFORMS
  ruby

DEPENDENCIES
  alps!
  bundler (~> 2.0)
  minitest (~> 5.0)
  pry
  rake (~> 10.0)

BUNDLED WITH
   2.0.2
