PATH
  remote: .
  specs:
    alps (0.1.0)
      plux (~> 0.1.8)
      rack (~> 2.0.7)
      sequel (~> 5.36.0)
      sqlite3 (~> 1.4.2)

GEM
  remote: https://rubygems.org/
  specs:
    coderay (1.1.2)
    method_source (0.9.2)
    minitest (5.14.1)
    nio4r (2.5.4)
    plux (0.1.8)
      nio4r (~> 2.0)
    pry (0.12.2)
      coderay (~> 1.1.0)
      method_source (~> 0.9.0)
    rack (2.0.7)
    rake (10.5.0)
    sequel (5.36.0)
    sqlite3 (1.4.2)

PLATFORMS
  ruby

DEPENDENCIES
  alps!
  bundler (~> 2.0)
  minitest (~> 5.0)
  pry
  rake (~> 10.0)

BUNDLED WITH
   2.0.2
